GEM
  remote: https://rubygems.org/

PLATFORMS
  ruby

BUNDLED WITH
   1.14.5
